GEM
  remote: https://rubygems.org/
  specs:
    awesome_print (1.9.2)
    byebug (11.1.3)
    coderay (1.1.3)
    method_source (1.0.0)
    mini_portile2 (2.6.1)
    nokogiri (1.12.4)
      mini_portile2 (~> 2.6.1)
      racc (~> 1.4)
    pry (0.13.1)
      coderay (~> 1.1)
      method_source (~> 1.0)
    pry-byebug (3.9.0)
      byebug (~> 11.0)
      pry (~> 0.13.0)
    racc (1.5.2)

PLATFORMS
  ruby

DEPENDENCIES
  awesome_print
  nokogiri
  pry (~> 0.13.1)
  pry-byebug

RUBY VERSION
   ruby 2.7.3p183

BUNDLED WITH
   2.1.4
